GEM
  remote: https://rubygems.org/
  specs:
    byebug (11.1.3)
    nokogiri (1.12.5-x86_64-linux)
      racc (~> 1.4)
    racc (1.6.0)
    wannabe_bool (0.7.1)

PLATFORMS
  x86_64-linux

DEPENDENCIES
  byebug
  nokogiri
  wannabe_bool

BUNDLED WITH
   2.2.29
